PATH
  remote: .
  specs:
    liquidizer (0.5.4)
      actionpack (~> 2.3.5)
      activerecord (~> 2.3.5)
      liquid (>= 2.0.0)

GEM
  remote: http://rubygems.org/
  specs:
    actionpack (2.3.8)
      activesupport (= 2.3.8)
      rack (~> 1.1.0)
    activerecord (2.3.8)
      activesupport (= 2.3.8)
    activesupport (2.3.8)
    liquid (2.2.2)
    rack (1.1.0)

PLATFORMS
  ruby

DEPENDENCIES
  actionpack (~> 2.3.5)
  activerecord (~> 2.3.5)
  liquid (>= 2.0.0)
  liquidizer!
